GEM
  remote: https://rubygems.org/
  specs:
    activesupport (4.2.5)
      i18n (~> 0.7)
      json (~> 1.7, >= 1.7.7)
      minitest (~> 5.1)
      thread_safe (~> 0.3, >= 0.3.4)
      tzinfo (~> 1.1)
    ansi (1.5.0)
    awesome_print (1.6.1)
    aws-sdk (2.2.28)
      aws-sdk-resources (= 2.2.28)
    aws-sdk-core (2.2.28)
      jmespath (~> 1.0)
    aws-sdk-resources (2.2.28)
      aws-sdk-core (= 2.2.28)
    backports (3.6.7)
    bcrypt (3.1.10)
    builder (3.2.2)
    byebug (8.2.1)
    daemons (1.2.3)
    docile (1.1.5)
    eventmachine (1.2.0.1)
    foreman (0.78.0)
      thor (~> 0.19.1)
    haml (4.0.7)
      tilt
    honeybadger (2.5.3)
    i18n (0.7.0)
    jmespath (1.1.3)
    json (1.8.3)
    minitest (5.8.3)
    minitest-reporters (1.1.7)
      ansi
      builder
      minitest (>= 5.0)
      ruby-progressbar
    multi_json (1.11.2)
    pg (0.18.4)
    rabl (0.11.8)
      activesupport (>= 2.3.14)
    rack (1.6.4)
    rack-protection (1.5.3)
      rack
    rack-test (0.6.3)
      rack (>= 1.0)
    rake (10.5.0)
    require_all (1.3.3)
    ruby-progressbar (1.7.5)
    sequel (4.31.0)
    sequel_pg (1.6.14)
      pg (>= 0.8.0)
      sequel (>= 3.39.0)
    sequel_secure_password (0.2.12)
      bcrypt (>= 3.1, < 4.0)
      sequel (>= 4.1.0, < 5.0)
    simplecov (0.11.1)
      docile (~> 1.1.0)
      json (~> 1.8)
      simplecov-html (~> 0.10.0)
    simplecov-html (0.10.0)
    sinatra (1.4.6)
      rack (~> 1.4)
      rack-protection (~> 1.4)
      tilt (>= 1.3, < 3)
    sinatra-contrib (1.4.6)
      backports (>= 2.0)
      multi_json
      rack-protection
      rack-test
      sinatra (~> 1.4.0)
      tilt (>= 1.3, < 3)
    sinatra-flash (0.3.0)
      sinatra (>= 1.0.0)
    thin (1.6.4)
      daemons (~> 1.0, >= 1.0.9)
      eventmachine (~> 1.0, >= 1.0.4)
      rack (~> 1.0)
    thor (0.19.1)
    thread_safe (0.3.5)
    tilt (2.0.2)
    tzinfo (1.2.2)
      thread_safe (~> 0.1)
    yard (0.8.7.6)

PLATFORMS
  ruby

DEPENDENCIES
  activesupport (~> 4)
  awesome_print
  aws-sdk (~> 2)
  bcrypt
  byebug
  foreman
  haml
  honeybadger
  minitest
  minitest-reporters
  pg
  rabl
  rack-test
  rake
  require_all
  sequel
  sequel_pg
  sequel_secure_password
  simplecov
  sinatra
  sinatra-contrib
  sinatra-flash
  thin
  yard

BUNDLED WITH
   1.11.2
